GEM
  remote: https://rubygems.org/
  remote: https://rails-assets.org/
  specs:
    actioncable (5.1.6)
      actionpack (= 5.1.6)
      nio4r (~> 2.0)
      websocket-driver (~> 0.6.1)
    actionmailer (5.1.6)
      actionpack (= 5.1.6)
      actionview (= 5.1.6)
      activejob (= 5.1.6)
      mail (~> 2.5, >= 2.5.4)
      rails-dom-testing (~> 2.0)
    actionpack (5.1.6)
      actionview (= 5.1.6)
      activesupport (= 5.1.6)
      rack (~> 2.0)
      rack-test (>= 0.6.3)
      rails-dom-testing (~> 2.0)
      rails-html-sanitizer (~> 1.0, >= 1.0.2)
    actionview (5.1.6)
      activesupport (= 5.1.6)
      builder (~> 3.1)
      erubi (~> 1.4)
      rails-dom-testing (~> 2.0)
      rails-html-sanitizer (~> 1.0, >= 1.0.3)
    activejob (5.1.6)
      activesupport (= 5.1.6)
      globalid (>= 0.3.6)
    activemodel (5.1.6)
      activesupport (= 5.1.6)
    activerecord (5.1.6)
      activemodel (= 5.1.6)
      activesupport (= 5.1.6)
      arel (~> 8.0)
    activesupport (5.1.6)
      concurrent-ruby (~> 1.0, >= 1.0.2)
      i18n (>= 0.7, < 2)
      minitest (~> 5.1)
      tzinfo (~> 1.1)
    addressable (2.5.2)
      public_suffix (>= 2.0.2, < 4.0)
    arel (8.0.0)
    bcrypt (3.1.19)
    binding_of_caller (0.8.0)
      debug_inspector (>= 0.0.1)
    builder (3.2.4)
    byebug (9.1.0)
    capybara (2.15.1)
      addressable
      mini_mime (>= 0.1.3)
      nokogiri (>= 1.3.3)
      rack (>= 1.0.0)
      rack-test (>= 0.5.4)
      xpath (~> 2.0)
    carrierwave (1.1.0)
      activemodel (>= 4.0.0)
      activesupport (>= 4.0.0)
      mime-types (>= 1.16)
    chosen-rails (1.5.2)
      coffee-rails (>= 3.2)
      railties (>= 3.0)
      sass-rails (>= 3.2)
    chunky_png (1.3.8)
    ckeditor (4.2.4)
      cocaine
      orm_adapter (~> 0.5.0)
    climate_control (0.2.0)
    cocaine (0.6.0)
      terrapin (= 0.6.0)
    coffee-rails (4.2.2)
      coffee-script (>= 2.2.0)
      railties (>= 4.0.0)
    coffee-script (2.4.1)
      coffee-script-source
      execjs
    coffee-script-source (1.12.2)
    commonjs (0.2.7)
    compass (1.0.3)
      chunky_png (~> 1.2)
      compass-core (~> 1.0.2)
      compass-import-once (~> 1.0.5)
      rb-fsevent (>= 0.9.3)
      rb-inotify (>= 0.9)
      sass (>= 3.3.13, < 3.5)
    compass-core (1.0.3)
      multi_json (~> 1.0)
      sass (>= 3.3.0, < 3.5)
    compass-import-once (1.0.5)
      sass (>= 3.2, < 3.5)
    compass-rails (3.0.2)
      compass (~> 1.0.0)
      sass-rails (< 5.1)
      sprockets (< 4.0)
    concurrent-ruby (1.2.2)
    crass (1.0.6)
    database_cleaner (1.6.1)
    debug_inspector (0.0.3)
    devise (4.9.3)
      bcrypt (~> 3.0)
      orm_adapter (~> 0.1)
      railties (>= 4.1.0)
      responders
      warden (~> 1.2.3)
    diff-lcs (1.3)
    domain_name (0.5.20170404)
      unf (>= 0.0.5, < 1.0.0)
    erubi (1.12.0)
    execjs (2.7.0)
    factory_girl (4.8.0)
      activesupport (>= 3.0.0)
    factory_girl_rails (4.8.0)
      factory_girl (~> 4.8.0)
      railties (>= 3.0.0)
    faraday (1.0.1)
      multipart-post (>= 1.2, < 3)
    ffi (1.9.18)
    font-awesome-rails (4.7.0.2)
      railties (>= 3.2, < 5.2)
    fontello_rails_converter (0.4.6)
      activesupport
      launchy
      rest-client
      rubyzip (~> 1.0)
    globalid (0.4.1)
      activesupport (>= 4.2.0)
    hashie (5.0.0)
    http-cookie (1.0.3)
      domain_name (~> 0.5)
    i18n (0.9.5)
      concurrent-ruby (~> 1.0)
    jbuilder (2.7.0)
      activesupport (>= 4.2.0)
      multi_json (>= 1.2)
    jquery-datetimepicker-rails (2.4.1.0)
    jquery-rails (4.3.1)
      rails-dom-testing (>= 1, < 3)
      railties (>= 4.2.0)
      thor (>= 0.14, < 2.0)
    jquery-turbolinks (2.1.0)
      railties (>= 3.1.0)
      turbolinks
    jquery-ui-rails (6.0.1)
      railties (>= 3.2.16)
    json (1.8.6)
    jwt (2.3.0)
    kaminari (1.0.1)
      activesupport (>= 4.1.0)
      kaminari-actionview (= 1.0.1)
      kaminari-activerecord (= 1.0.1)
      kaminari-core (= 1.0.1)
    kaminari-actionview (1.0.1)
      actionview
      kaminari-core (= 1.0.1)
    kaminari-activerecord (1.0.1)
      activerecord
      kaminari-core (= 1.0.1)
    kaminari-core (1.0.1)
    launchy (2.4.3)
      addressable (~> 2.3)
    less (2.6.0)
      commonjs (~> 0.2.7)
    less-rails (2.8.0)
      actionpack (>= 4.0)
      less (~> 2.6.0)
      sprockets (> 2, < 4)
      tilt
    libv8 (3.16.14.19)
    lograge (0.6.0)
      actionpack (>= 4, < 5.2)
      activesupport (>= 4, < 5.2)
      railties (>= 4, < 5.2)
      request_store (~> 1.0)
    loofah (2.21.1)
      crass (~> 1.0.2)
      nokogiri (>= 1.5.9)
    mail (2.7.0)
      mini_mime (>= 0.1.1)
    meta-tags (2.6.0)
      actionpack (>= 3.2.0, < 5.3)
    method_source (1.0.0)
    mime-types (3.1)
      mime-types-data (~> 3.2015)
    mime-types-data (3.2016.0521)
    mini_magick (4.8.0)
    mini_mime (1.0.0)
    mini_portile2 (2.4.0)
    minitest (5.15.0)
    multi_json (1.15.0)
    multi_xml (0.6.0)
    multipart-post (2.3.0)
    netrc (0.11.0)
    nio4r (2.3.1)
    nokogiri (1.10.10)
      mini_portile2 (~> 2.4.0)
    oauth2 (2.0.9)
      faraday (>= 0.17.3, < 3.0)
      jwt (>= 1.0, < 3.0)
      multi_xml (~> 0.5)
      rack (>= 1.2, < 4)
      snaky_hash (~> 2.0)
      version_gem (~> 1.1)
    oj (2.12.14)
    omniauth (2.1.1)
      hashie (>= 3.4.6)
      rack (>= 2.2.3)
      rack-protection
    omniauth-facebook (9.0.0)
      omniauth-oauth2 (~> 1.2)
    omniauth-google-oauth2 (1.1.1)
      jwt (>= 2.0)
      oauth2 (~> 2.0.6)
      omniauth (~> 2.0)
      omniauth-oauth2 (~> 1.8.0)
    omniauth-oauth2 (1.8.0)
      oauth2 (>= 1.4, < 3)
      omniauth (~> 2.0)
    omniauth-rails_csrf_protection (1.0.1)
      actionpack (>= 4.2)
      omniauth (~> 2.0)
    orm_adapter (0.5.0)
    pg (0.21.0)
    polyamorous (1.3.1)
      activerecord (>= 3.0)
    public_suffix (3.0.0)
    rack (2.2.8)
    rack-protection (2.2.4)
      rack
    rack-test (2.1.0)
      rack (>= 1.3)
    rails (5.1.6)
      actioncable (= 5.1.6)
      actionmailer (= 5.1.6)
      actionpack (= 5.1.6)
      actionview (= 5.1.6)
      activejob (= 5.1.6)
      activemodel (= 5.1.6)
      activerecord (= 5.1.6)
      activesupport (= 5.1.6)
      bundler (>= 1.3.0)
      railties (= 5.1.6)
      sprockets-rails (>= 2.0.0)
    rails-assets-animate.css (3.5.2)
    rails-assets-desandro-matches-selector (2.0.2)
    rails-assets-ev-emitter (1.1.1)
    rails-assets-fizzy-ui-utils (2.0.5)
      rails-assets-desandro-matches-selector (>= 2.0.0, < 3)
    rails-assets-get-size (2.0.2)
    rails-assets-isotope (3.0.4)
      rails-assets-desandro-matches-selector (>= 2.0.0, < 3)
      rails-assets-fizzy-ui-utils (>= 2.0.4, < 3)
      rails-assets-get-size (>= 2.0.0, < 3)
      rails-assets-masonry (>= 4.1.0, < 5)
      rails-assets-outlayer (>= 2.1.0, < 3)
    rails-assets-jquery (3.2.1)
    rails-assets-jquery-appear (0.2.6)
      rails-assets-jquery (>= 1.6)
    rails-assets-jquery.parallax (1.1.3)
    rails-assets-jquery.validate (1.13.0)
      rails-assets-jquery (>= 1.6.4)
    rails-assets-magnific-popup (1.1.0)
      rails-assets-jquery (>= 1.8.0)
    rails-assets-masonry (4.2.0)
      rails-assets-get-size (>= 2.0.2, < 3)
      rails-assets-outlayer (>= 2.1.0, < 3)
    rails-assets-mhuggins--jquery-countTo (1.2.0)
    rails-assets-modernizr (3.5.0)
    rails-assets-outlayer (2.1.1)
      rails-assets-ev-emitter (>= 1.0.0, < 2)
      rails-assets-fizzy-ui-utils (>= 2.0.0, < 3)
      rails-assets-get-size (>= 2.0.2, < 3)
    rails-dom-testing (2.1.1)
      activesupport (>= 5.0.0)
      minitest
      nokogiri (>= 1.6)
    rails-html-sanitizer (1.5.0)
      loofah (~> 2.19, >= 2.19.1)
    rails-i18n (5.0.4)
      i18n (~> 0.7)
      railties (~> 5.0)
    railties (5.1.6)
      actionpack (= 5.1.6)
      activesupport (= 5.1.6)
      method_source
      rake (>= 0.8.7)
      thor (>= 0.18.1, < 2.0)
    rake (13.1.0)
    ransack (1.8.3)
      actionpack (>= 3.0)
      activerecord (>= 3.0)
      activesupport (>= 3.0)
      i18n
      polyamorous (~> 1.3)
    rb-fsevent (0.10.2)
    rb-inotify (0.9.10)
      ffi (>= 0.5.0, < 2)
    rb-readline (0.5.5)
    rdoc (4.3.0)
    ref (2.0.0)
    request_store (1.3.2)
    responders (2.4.1)
      actionpack (>= 4.2.0, < 6.0)
      railties (>= 4.2.0, < 6.0)
    rest-client (2.0.2)
      http-cookie (>= 1.0.2, < 2.0)
      mime-types (>= 1.16, < 4.0)
      netrc (~> 0.8)
    rollbar (2.15.1)
      multi_json
    rspec-core (3.6.0)
      rspec-support (~> 3.6.0)
    rspec-expectations (3.6.0)
      diff-lcs (>= 1.2.0, < 2.0)
      rspec-support (~> 3.6.0)
    rspec-mocks (3.6.0)
      diff-lcs (>= 1.2.0, < 2.0)
      rspec-support (~> 3.6.0)
    rspec-rails (3.6.1)
      actionpack (>= 3.0)
      activesupport (>= 3.0)
      railties (>= 3.0)
      rspec-core (~> 3.6.0)
      rspec-expectations (~> 3.6.0)
      rspec-mocks (~> 3.6.0)
      rspec-support (~> 3.6.0)
    rspec-support (3.6.0)
    rubyzip (1.2.1)
    sass (3.4.25)
    sass-rails (5.0.6)
      railties (>= 4.0.0, < 6)
      sass (~> 3.1)
      sprockets (>= 2.8, < 4.0)
      sprockets-rails (>= 2.0, < 4.0)
      tilt (>= 1.1, < 3)
    sdoc (0.4.2)
      json (~> 1.7, >= 1.7.7)
      rdoc (~> 4.0)
    settingslogic (2.0.9)
    simple_form (3.5.0)
      actionpack (> 4, < 5.2)
      activemodel (> 4, < 5.2)
    slim (3.0.8)
      temple (>= 0.7.6, < 0.9)
      tilt (>= 1.3.3, < 2.1)
    slim-rails (3.1.1)
      actionpack (>= 3.1)
      railties (>= 3.1)
      slim (~> 3.0)
    snaky_hash (2.0.1)
      hashie
      version_gem (~> 1.1, >= 1.1.1)
    social-share-button (0.10.0)
      coffee-rails
    spring (2.0.2)
      activesupport (>= 4.2)
    sprockets (3.7.2)
      concurrent-ruby (~> 1.0)
      rack (> 1, < 3)
    sprockets-rails (3.2.1)
      actionpack (>= 4.0)
      activesupport (>= 4.0)
      sprockets (>= 3.0.0)
    temple (0.8.0)
    terrapin (0.6.0)
      climate_control (>= 0.0.3, < 1.0)
    therubyracer (0.12.3)
      libv8 (~> 3.16.14.15)
      ref
    thor (1.2.2)
    thread_safe (0.3.6)
    tilt (2.0.8)
    turbolinks (5.0.1)
      turbolinks-source (~> 5)
    turbolinks-source (5.0.3)
    twitter-bootstrap-rails (4.0.0)
      actionpack (~> 5.0, >= 5.0.1)
      execjs (~> 2.7)
      less-rails (~> 2.8, >= 2.8.0)
      railties (~> 5.0, >= 5.0.1)
    tzinfo (1.2.11)
      thread_safe (~> 0.1)
    uglifier (3.2.0)
      execjs (>= 0.3.0, < 3)
    unf (0.1.4)
      unf_ext
    unf_ext (0.0.7.4)
    unicode-display_width (1.5.0)
    version_gem (1.1.3)
    warden (1.2.9)
      rack (>= 2.0.9)
    web-console (2.3.0)
      activemodel (>= 4.0)
      binding_of_caller (>= 0.7.2)
      railties (>= 4.0)
      sprockets-rails (>= 2.0, < 4.0)
    websocket-driver (0.6.5)
      websocket-extensions (>= 0.1.0)
    websocket-extensions (0.1.3)
    xpath (2.1.0)
      nokogiri (~> 1.3)

PLATFORMS
  ruby

DEPENDENCIES
  bundler (>= 1.8.4)
  byebug
  capybara
  carrierwave
  chosen-rails
  ckeditor
  coffee-rails
  compass-rails (>= 2.0.2)
  database_cleaner
  devise
  factory_girl_rails
  font-awesome-rails
  fontello_rails_converter
  jbuilder (~> 2.0)
  jquery-datetimepicker-rails
  jquery-rails
  jquery-turbolinks
  jquery-ui-rails
  kaminari
  lograge
  meta-tags
  mini_magick
  oj (~> 2.12.14)
  omniauth
  omniauth-facebook
  omniauth-google-oauth2
  omniauth-rails_csrf_protection
  pg
  rails (~> 5.1)
  rails-assets-animate.css!
  rails-assets-isotope!
  rails-assets-jquery-appear!
  rails-assets-jquery.parallax!
  rails-assets-jquery.validate!
  rails-assets-magnific-popup!
  rails-assets-mhuggins--jquery-countTo!
  rails-assets-modernizr!
  rails-i18n (~> 5.0.0)
  ransack
  rb-readline
  rollbar
  rspec-rails
  sass-rails (~> 5.0)
  sdoc (~> 0.4.0)
  settingslogic
  simple_form
  slim-rails (= 3.1.1)
  social-share-button
  spring
  therubyracer
  turbolinks
  twitter-bootstrap-rails
  uglifier (>= 1.3.0)
  unicode-display_width (>= 1.3.3)
  web-console (~> 2.0)

BUNDLED WITH
   2.0.1